GEM
  remote: https://rubygems.org/
  specs:
    active_model_serializers (0.9.3)
      activemodel (>= 3.2)
    activemodel (4.2.3)
      activesupport (= 4.2.3)
      builder (~> 3.1)
    activerecord (4.2.3)
      activemodel (= 4.2.3)
      activesupport (= 4.2.3)
      arel (~> 6.0)
    activesupport (4.2.3)
      i18n (~> 0.7)
      json (~> 1.7, >= 1.7.7)
      minitest (~> 5.1)
      thread_safe (~> 0.3, >= 0.3.4)
      tzinfo (~> 1.1)
    arel (6.0.3)
    axiom-types (0.1.1)
      descendants_tracker (~> 0.0.4)
      ice_nine (~> 0.11.0)
      thread_safe (~> 0.3, >= 0.3.1)
    builder (3.2.2)
    byebug (5.0.0)
      columnize (= 0.9.0)
    coderay (1.1.0)
    coercible (1.0.0)
      descendants_tracker (~> 0.0.1)
    columnize (0.9.0)
    database_cleaner (1.4.1)
    descendants_tracker (0.0.4)
      thread_safe (~> 0.3, >= 0.3.1)
    diff-lcs (1.2.5)
    equalizer (0.0.11)
    grape (0.13.0)
      activesupport
      builder
      hashie (>= 2.1.0)
      multi_json (>= 1.3.2)
      multi_xml (>= 0.5.2)
      rack (>= 1.3.0)
      rack-accept
      rack-mount
      virtus (>= 1.0.0)
    grape-activerecord (1.0.3)
      activerecord (~> 4.0)
      grape (~> 0.1)
      hashie-forbidden_attributes (~> 0.1.1)
    grape-entity (0.4.8)
      activesupport
      multi_json (>= 1.3.2)
    grape-entity-matchers (1.0.1)
      grape-entity (~> 0.4.0)
      rspec (>= 3.2.0)
    grape-rabl (0.4.1)
      grape
      i18n
      rabl
      tilt
    grape-raketasks (0.0.3)
      activesupport
      grape
      rake
    grape-resources (0.0.2)
      active_model_serializers (~> 0.9)
      activerecord (~> 4)
      activesupport (~> 4)
      grape (~> 0.9)
    grape_logging (1.1.2)
      grape
    hashie (3.4.2)
    hashie-forbidden_attributes (0.1.1)
      hashie (>= 3.0)
    i18n (0.7.0)
    ice_nine (0.11.1)
    json (1.8.3)
    method_source (0.8.2)
    minitest (5.8.0)
    multi_json (1.11.2)
    multi_xml (0.5.5)
    pg (0.18.2)
    pry (0.10.1)
      coderay (~> 1.1.0)
      method_source (~> 0.8.1)
      slop (~> 3.4)
    pry-byebug (3.2.0)
      byebug (~> 5.0)
      pry (~> 0.10)
    rabl (0.11.6)
      activesupport (>= 2.3.14)
    rack (1.6.4)
    rack-accept (0.4.5)
      rack (>= 0.4)
    rack-mount (0.8.3)
      rack (>= 1.0.0)
    rack-test (0.6.3)
      rack (>= 1.0)
    rake (10.4.2)
    rspec (3.3.0)
      rspec-core (~> 3.3.0)
      rspec-expectations (~> 3.3.0)
      rspec-mocks (~> 3.3.0)
    rspec-core (3.3.2)
      rspec-support (~> 3.3.0)
    rspec-expectations (3.3.1)
      diff-lcs (>= 1.2.0, < 2.0)
      rspec-support (~> 3.3.0)
    rspec-mocks (3.3.2)
      diff-lcs (>= 1.2.0, < 2.0)
      rspec-support (~> 3.3.0)
    rspec-support (3.3.0)
    slop (3.6.0)
    sqlite3 (1.3.10)
    thread_safe (0.3.5)
    tilt (2.0.1)
    tzinfo (1.2.2)
      thread_safe (~> 0.1)
    virtus (1.0.5)
      axiom-types (~> 0.1)
      coercible (~> 1.0)
      descendants_tracker (~> 0.0, >= 0.0.3)
      equalizer (~> 0.0, >= 0.0.9)

PLATFORMS
  ruby

DEPENDENCIES
  activerecord
  database_cleaner
  grape
  grape-activerecord
  grape-entity
  grape-entity-matchers
  grape-rabl
  grape-raketasks
  grape-resources
  grape_logging
  json
  pg
  pry-byebug
  rack
  rack-test
  rake
  rspec
  sqlite3

BUNDLED WITH
   1.10.6
